PATH
  remote: .
  specs:
    haikunate (0.0.0)

GEM
  remote: https://rubygems.org/
  specs:
    ast (2.4.0)
    awesome_print (1.8.0)
    byebug (11.1.1)
    coderay (1.1.2)
    jaro_winkler (1.5.4)
    method_source (0.9.2)
    minitest (5.14.0)
    minitest-utils (0.4.6)
      minitest
    parallel (1.19.1)
    parser (2.7.0.2)
      ast (~> 2.4.0)
    pry (0.12.2)
      coderay (~> 1.1.0)
      method_source (~> 0.9.0)
    pry-byebug (3.8.0)
      byebug (~> 11.0)
      pry (~> 0.10)
    pry-meta (0.0.10)
      awesome_print
      pry
      pry-byebug
      pry-remote
    pry-remote (0.1.8)
      pry (~> 0.9)
      slop (~> 3.0)
    rainbow (3.0.0)
    rake (12.3.3)
    rubocop (0.79.0)
      jaro_winkler (~> 1.5.1)
      parallel (~> 1.10)
      parser (>= 2.7.0.1)
      rainbow (>= 2.2.2, < 4.0)
      ruby-progressbar (~> 1.7)
      unicode-display_width (>= 1.4.0, < 1.7)
    rubocop-fnando (0.0.6)
    ruby-progressbar (1.10.1)
    slop (3.6.0)
    unicode-display_width (1.6.1)

PLATFORMS
  ruby

DEPENDENCIES
  haikunate!
  minitest (~> 5.0)
  minitest-utils
  pry-meta
  rake (~> 12.3)
  rubocop
  rubocop-fnando

BUNDLED WITH
   2.1.2
